GEM
  remote: http://rubygems.org/
  specs:
    RedCloth (4.2.7)
    diff-lcs (1.1.2)
    git (1.2.5)
    gorillib (0.0.7)
    highline (1.6.1)
    jeweler (1.5.2)
      bundler (~> 1.0.0)
      git (>= 1.2.5)
      rake
    rake (0.8.7)
    rcov (0.9.9)
    reek (1.2.8)
      ruby2ruby (~> 1.2)
      ruby_parser (~> 2.0)
      sexp_processor (~> 3.0)
    roodi (2.1.0)
      ruby_parser
    rspec (2.5.0)
      rspec-core (~> 2.5.0)
      rspec-expectations (~> 2.5.0)
      rspec-mocks (~> 2.5.0)
    rspec-core (2.5.2)
    rspec-expectations (2.5.0)
      diff-lcs (~> 1.1.2)
    rspec-mocks (2.5.0)
    ruby2ruby (1.2.5)
      ruby_parser (~> 2.0)
      sexp_processor (~> 3.0)
    ruby_parser (2.0.6)
      sexp_processor (~> 3.0)
    sexp_processor (3.0.5)
    spork (0.9.0.rc7)
    watchr (0.7)
    yard (0.6.8)

PLATFORMS
  ruby

DEPENDENCIES
  RedCloth
  bundler (~> 1.0.12)
  gorillib (>= 0.0.4)
  highline (>= 1.5.2)
  jeweler (~> 1.5.2)
  rcov (>= 0.9.9)
  reek
  roodi
  rspec (~> 2.5.0)
  spork (~> 0.9.0.rc5)
  watchr
  yard (~> 0.6.7)
